PATH
  remote: .
  specs:
    globalize (0.0.1)
      actionpack (>= 3.1, < 4.2)
      activerecord (>= 3.1, < 4.2)
      activesupport (>= 3.1, < 4.2)

GEM
  remote: https://rubygems.org/
  specs:
    actionpack (4.1.16)
      actionview (= 4.1.16)
      activesupport (= 4.1.16)
      rack (~> 1.5.2)
      rack-test (~> 0.6.2)
    actionview (4.1.16)
      activesupport (= 4.1.16)
      builder (~> 3.1)
      erubis (~> 2.7.0)
    activemodel (4.1.16)
      activesupport (= 4.1.16)
      builder (~> 3.1)
    activerecord (4.1.16)
      activemodel (= 4.1.16)
      activesupport (= 4.1.16)
      arel (~> 5.0.0)
    activesupport (4.1.16)
      i18n (~> 0.6, >= 0.6.9)
      json (~> 1.7, >= 1.7.7)
      minitest (~> 5.1)
      thread_safe (~> 0.1)
      tzinfo (~> 1.1)
    arel (5.0.1.20140414130214)
    builder (3.2.3)
    erubis (2.7.0)
    i18n (0.8.6)
    json (1.8.6)
    metaclass (0.0.1)
    minitest (5.10.2)
    mocha (0.14.0)
      metaclass (~> 0.0.1)
    pg (0.17.1)
    power_assert (1.0.2)
    rack (1.5.5)
    rack-test (0.6.3)
      rack (>= 1.0)
    rake (10.2.2)
    test-unit (3.2.5)
      power_assert
    test-unit-activesupport (1.0.8)
      activesupport
      test-unit
    thread_safe (0.3.6)
    tzinfo (1.2.3)
      thread_safe (~> 0.1)

PLATFORMS
  ruby

DEPENDENCIES
  globalize!
  mocha
  pg
  rake
  test-unit-activesupport

BUNDLED WITH
   1.15.1
