PATH
  remote: .
  specs:
    globalize (0.0.1)
      actionpack (>= 3.1, < 4.1)
      activerecord (>= 3.1, < 4.1)
      activesupport (>= 3.1, < 4.1)

GEM
  remote: https://rubygems.org/
  specs:
    actionpack (4.0.13)
      activesupport (= 4.0.13)
      builder (~> 3.1.0)
      erubis (~> 2.7.0)
      rack (~> 1.5.2)
      rack-test (~> 0.6.2)
    activemodel (4.0.13)
      activesupport (= 4.0.13)
      builder (~> 3.1.0)
    activerecord (4.0.13)
      activemodel (= 4.0.13)
      activerecord-deprecated_finders (~> 1.0.2)
      activesupport (= 4.0.13)
      arel (~> 4.0.0)
    activerecord-deprecated_finders (1.0.4)
    activesupport (4.0.13)
      i18n (~> 0.6, >= 0.6.9)
      minitest (~> 4.2)
      multi_json (~> 1.3)
      thread_safe (~> 0.1)
      tzinfo (~> 0.3.37)
    arel (4.0.2)
    builder (3.1.4)
    erubis (2.7.0)
    i18n (0.8.6)
    metaclass (0.0.1)
    minitest (4.7.5)
    mocha (0.14.0)
      metaclass (~> 0.0.1)
    multi_json (1.12.1)
    pg (0.17.1)
    power_assert (1.0.2)
    rack (1.5.5)
    rack-test (0.6.3)
      rack (>= 1.0)
    rake (10.2.2)
    test-unit (3.2.5)
      power_assert
    test-unit-activesupport (1.0.8)
      activesupport
      test-unit
    thread_safe (0.3.6)
    tzinfo (0.3.53)

PLATFORMS
  ruby

DEPENDENCIES
  globalize!
  mocha
  pg
  rake
  test-unit-activesupport

BUNDLED WITH
   1.15.1
